GEM
  remote: https://rubygems.org/
  specs:
    eshq (0.0.9)
      multi_json (~> 1.3)
    json (1.7.7)
    multi_json (1.10.1)
    rack (1.5.2)
    rack-protection (1.5.3)
      rack
    sinatra (1.4.5)
      rack (~> 1.4)
      rack-protection (~> 1.4)
      tilt (~> 1.3, >= 1.3.4)
    tilt (1.4.1)

PLATFORMS
  ruby

DEPENDENCIES
  eshq
  json (= 1.7.7)
  sinatra
